PATH
  remote: .
  specs:
    cide (0.0.3)
      thor

GEM
  remote: https://rubygems.org/
  specs:
    thor (0.19.1)

PLATFORMS
  ruby

DEPENDENCIES
  cide!
